REDIRECTS: OFF
NUGET
  remote: https://www.nuget.org/api/v2
  specs:
    Autofac (3.5.2)
    Boo (0.9.4)
    Boo-Compiler (0.9.4)
      Boo (>= 0.9.4)
    BouncyCastle (1.7.0)
    Chessie (0.1.1)
      FSharp.Core
    Common.Logging (2.2.0) - redirects: force
      Common.Logging.Core
    Common.Logging.Core (2.2.0) - redirects: force
    Common.Logging.NLog20 (2.2.0) - redirects: force
      Common.Logging (>= 2.0.0)
      NLog (>= 2.0.0)
    Dapper (1.42)
    EventStore.Client (3.4.0)
    FileHelpers (2.0.0)
    FluentScheduler (3.1.46)
    FSharp.Core (3.1.2.1) - redirects: force
    Microsoft.Bcl (1.1.10)
      Microsoft.Bcl.Build (>= 1.0.14)
    Microsoft.Bcl.Build (1.0.21) - import_targets: false
    Microsoft.Net.Http (2.2.29)
      Microsoft.Bcl (>= 1.1.10)
      Microsoft.Bcl.Build (>= 1.0.14)
    MongoDB.Bson (2.2.3)
    MongoDB.Driver (2.2.3)
      MongoDB.Bson (>= 2.2.3)
      MongoDB.Driver.Core (>= 2.2.3)
    MongoDB.Driver.Core (2.2.3)
      MongoDB.Bson (>= 2.2.3)
    Neo4jClient (1.1.0.32)
      Microsoft.Net.Http (>= 2.0.20710)
      Newtonsoft.Json (>= 6.0.3)
    Newtonsoft.Json (8.0.2) - redirects: force
    NLog (3.2.0) - redirects: force
    Novell.Directory.Ldap (2.2.1)
    RhinoDSL (1.0.0)
      Boo (>= 0.9.4)
      Boo-Compiler (>= 0.9.4)
    Rhino-Etl (1.2.5)
      Boo (>= 0.9.4)
      Common.Logging (>= 2.0.0)
      FileHelpers (>= 2.0.0.0)
      RhinoDSL (>= 1.0.0)
    Rx-Core (2.2.5)
      Rx-Interfaces (>= 2.2.5)
    Rx-Interfaces (2.2.5)
    Rx-Linq (2.2.5)
      Rx-Core (>= 2.2.5)
      Rx-Interfaces (>= 2.2.5)
    Rx-Main (2.2.5)
      Rx-Core (>= 2.2.5)
      Rx-Interfaces (>= 2.2.5)
      Rx-Linq (>= 2.2.5)
      Rx-PlatformServices (>= 2.2.5)
    Rx-PlatformServices (2.2.5)
      Rx-Core (>= 2.2.5)
      Rx-Interfaces (>= 2.2.5)
    ServiceStack (3.9.71)
      ServiceStack.Common (>= 3.0 < 4.0)
      ServiceStack.OrmLite.SqlServer (>= 3.0 < 4.0)
      ServiceStack.Redis (>= 3.0 < 4.0)
    ServiceStack.Api.Swagger (3.9.71) - content: none
      ServiceStack (>= 3.0 < 4.0)
    ServiceStack.Common (3.9.71)
      ServiceStack.Text (>= 3.0 < 4.0)
    ServiceStack.Logging.NLog (3.9.71)
      NLog (>= 2.0.0.2000)
      ServiceStack.Common (>= 3.0 < 4.0)
    ServiceStack.OrmLite.SqlServer (3.9.71)
      ServiceStack.Common (>= 3.0 < 4.0)
    ServiceStack.Redis (3.9.71)
      ServiceStack.Common (>= 3.0 < 4.0)
    ServiceStack.Text (3.9.71)
    YamlDotNet (3.8.0)

GROUP Build
REDIRECTS: OFF
NUGET
  remote: https://www.nuget.org/api/v2
  specs:
    FAKE (4.22.6)
    FSharp.Compiler.Service (2.0.0.6)
    FSharp.Formatting (2.14.0)
      FSharp.Compiler.Service (>= 2.0.0.3 < 2.1.0)
      FSharpVSPowerTools.Core (>= 2.3.0 < 2.4.0)
    FSharpVSPowerTools.Core (2.3.0)
      FSharp.Compiler.Service (>= 2.0.0.3)

GROUP Test
REDIRECTS: OFF
NUGET
  remote: https://www.nuget.org/api/v2
  specs:
    NUnit (2.6.4)
